GEM
  remote: https://gems.contribsys.com/
  specs:
    sidekiq-pro (5.5.5)
      sidekiq (~> 6.0, >= 6.5.6)

GEM
  remote: https://rubygems.org/
  specs:
    actioncable (7.0.8.7)
      actionpack (= 7.0.8.7)
      activesupport (= 7.0.8.7)
      nio4r (~> 2.0)
      websocket-driver (>= 0.6.1)
    actionmailbox (7.0.8.7)
      actionpack (= 7.0.8.7)
      activejob (= 7.0.8.7)
      activerecord (= 7.0.8.7)
      activestorage (= 7.0.8.7)
      activesupport (= 7.0.8.7)
      mail (>= 2.7.1)
      net-imap
      net-pop
      net-smtp
    actionmailer (7.0.8.7)
      actionpack (= 7.0.8.7)
      actionview (= 7.0.8.7)
      activejob (= 7.0.8.7)
      activesupport (= 7.0.8.7)
      mail (~> 2.5, >= 2.5.4)
      net-imap
      net-pop
      net-smtp
      rails-dom-testing (~> 2.0)
    actionpack (7.0.8.7)
      actionview (= 7.0.8.7)
      activesupport (= 7.0.8.7)
      rack (~> 2.0, >= 2.2.4)
      rack-test (>= 0.6.3)
      rails-dom-testing (~> 2.0)
      rails-html-sanitizer (~> 1.0, >= 1.2.0)
    actiontext (7.0.8.7)
      actionpack (= 7.0.8.7)
      activerecord (= 7.0.8.7)
      activestorage (= 7.0.8.7)
      activesupport (= 7.0.8.7)
      globalid (>= 0.6.0)
      nokogiri (>= 1.8.5)
    actionview (7.0.8.7)
      activesupport (= 7.0.8.7)
      builder (~> 3.1)
      erubi (~> 1.4)
      rails-dom-testing (~> 2.0)
      rails-html-sanitizer (~> 1.1, >= 1.2.0)
    activejob (7.0.8.7)
      activesupport (= 7.0.8.7)
      globalid (>= 0.3.6)
    activemodel (7.0.8.7)
      activesupport (= 7.0.8.7)
    activerecord (7.0.8.7)
      activemodel (= 7.0.8.7)
      activesupport (= 7.0.8.7)
    activestorage (7.0.8.7)
      actionpack (= 7.0.8.7)
      activejob (= 7.0.8.7)
      activerecord (= 7.0.8.7)
      activesupport (= 7.0.8.7)
      marcel (~> 1.0)
      mini_mime (>= 1.1.0)
    activesupport (7.0.8.7)
      concurrent-ruby (~> 1.0, >= 1.0.2)
      i18n (>= 1.6, < 2)
      minitest (>= 5.1)
      tzinfo (~> 2.0)
    ast (2.4.3)
    awesome_print (1.9.2)
    base64 (0.2.0)
    bigdecimal (3.1.7)
    bindex (0.8.1)
    bootsnap (1.13.0)
      msgpack (~> 1.2)
    brakeman (7.0.2)
      racc
    builder (3.3.0)
    bundle-audit (0.1.0)
      bundler-audit
    bundler-audit (0.9.2)
      bundler (>= 1.2.0, < 3)
      thor (~> 1.0)
    concurrent-ruby (1.3.5)
    connection_pool (2.4.1)
    crass (1.0.6)
    datadog-ci (0.8.3)
      msgpack
    date (3.4.1)
    ddtrace (1.23.3)
      datadog-ci (~> 0.8.1)
      debase-ruby_core_source (= 3.3.1)
      libdatadog (~> 7.0.0.1.0)
      libddwaf (~> 1.14.0.0.0)
      msgpack
    debase-ruby_core_source (3.3.1)
    debug (1.8.0)
      irb (>= 1.5.0)
      reline (>= 0.3.1)
    dogstatsd-ruby (5.6.6)
    dotenv (2.7.6)
    dotenv-rails (2.7.6)
      dotenv (= 2.7.6)
      railties (>= 3.2)
    erubi (1.13.1)
    ffi (1.17.1)
    ffi (1.17.1-x86_64-linux-musl)
    globalid (1.2.1)
      activesupport (>= 6.1)
    i18n (1.14.7)
      concurrent-ruby (~> 1.0)
    importmap-rails (1.2.1)
      actionpack (>= 6.0.0)
      railties (>= 6.0.0)
    io-console (0.6.0)
    irb (1.7.4)
      reline (>= 0.3.6)
    jbuilder (2.10.0)
      activesupport (>= 5.0.0)
    json (2.10.2)
    language_server-protocol (3.17.0.4)
    libdatadog (7.0.0.1.0)
    libdatadog (7.0.0.1.0-x86_64-linux)
    libddwaf (1.14.0.0.0)
      ffi (~> 1.0)
    libddwaf (1.14.0.0.0-x86_64-linux)
      ffi (~> 1.0)
    lint_roller (1.1.0)
    lograge (0.14.0)
      actionpack (>= 4)
      activesupport (>= 4)
      railties (>= 4)
      request_store (~> 1.0)
    loofah (2.24.0)
      crass (~> 1.0.2)
      nokogiri (>= 1.12.0)
    mail (2.8.1)
      mini_mime (>= 0.1.1)
      net-imap
      net-pop
      net-smtp
    marcel (1.0.4)
    method_source (1.1.0)
    mini_mime (1.1.5)
    mini_portile2 (2.8.8)
    minitest (5.25.5)
    msgpack (1.8.0)
    net-imap (0.5.6)
      date
      net-protocol
    net-pop (0.1.2)
      net-protocol
    net-protocol (0.2.2)
      timeout
    net-smtp (0.5.1)
      net-protocol
    nio4r (2.7.4)
    nokogiri (1.18.7)
      mini_portile2 (~> 2.8.2)
      racc (~> 1.4)
    nokogiri (1.18.7-x86_64-linux-musl)
      racc (~> 1.4)
    oj (3.16.3)
      bigdecimal (>= 3.0)
    ougai (1.8.2)
      oj (~> 3.4)
    parallel (1.26.3)
    parser (3.3.7.4)
      ast (~> 2.4.1)
      racc
    prism (1.4.0)
    puma (5.6.9)
      nio4r (~> 2.0)
    racc (1.8.1)
    rack (2.2.13)
    rack-test (2.2.0)
      rack (>= 1.3)
    rails (7.0.8.7)
      actioncable (= 7.0.8.7)
      actionmailbox (= 7.0.8.7)
      actionmailer (= 7.0.8.7)
      actionpack (= 7.0.8.7)
      actiontext (= 7.0.8.7)
      actionview (= 7.0.8.7)
      activejob (= 7.0.8.7)
      activemodel (= 7.0.8.7)
      activerecord (= 7.0.8.7)
      activestorage (= 7.0.8.7)
      activesupport (= 7.0.8.7)
      bundler (>= 1.15.0)
      railties (= 7.0.8.7)
    rails-dom-testing (2.2.0)
      activesupport (>= 5.0.0)
      minitest
      nokogiri (>= 1.6)
    rails-html-sanitizer (1.6.2)
      loofah (~> 2.21)
      nokogiri (>= 1.15.7, != 1.16.7, != 1.16.6, != 1.16.5, != 1.16.4, != 1.16.3, != 1.16.2, != 1.16.1, != 1.16.0.rc1, != 1.16.0)
    railties (7.0.8.7)
      actionpack (= 7.0.8.7)
      activesupport (= 7.0.8.7)
      method_source
      rake (>= 12.2)
      thor (~> 1.0)
      zeitwerk (~> 2.5)
    rainbow (3.1.1)
    rake (13.2.1)
    redis (4.8.1)
    redis-actionpack (5.3.0)
      actionpack (>= 5, < 8)
      redis-rack (>= 2.1.0, < 3)
      redis-store (>= 1.1.0, < 2)
    redis-rack (2.1.4)
      rack (>= 2.0.8, < 3)
      redis-store (>= 1.2, < 2)
    redis-store (1.9.1)
      redis (>= 4, < 5)
    regexp_parser (2.10.0)
    reline (0.3.6)
      io-console (~> 0.5)
    request_store (1.7.0)
      rack (>= 1.4)
    rubocop (1.75.2)
      json (~> 2.3)
      language_server-protocol (~> 3.17.0.2)
      lint_roller (~> 1.1.0)
      parallel (~> 1.10)
      parser (>= 3.3.0.2)
      rainbow (>= 2.2.2, < 4.0)
      regexp_parser (>= 2.9.3, < 3.0)
      rubocop-ast (>= 1.44.0, < 2.0)
      ruby-progressbar (~> 1.7)
      unicode-display_width (>= 2.4.0, < 4.0)
    rubocop-ast (1.44.0)
      parser (>= 3.3.7.2)
      prism (~> 1.4)
    rubocop-performance (1.25.0)
      lint_roller (~> 1.1)
      rubocop (>= 1.75.0, < 2.0)
      rubocop-ast (>= 1.38.0, < 2.0)
    ruby-progressbar (1.13.0)
    sassc (2.4.0)
      ffi (~> 1.9)
    sassc-rails (2.1.2)
      railties (>= 4.0.0)
      sassc (>= 2.0)
      sprockets (> 3.0)
      sprockets-rails
      tilt
    sidekiq (6.5.12)
      connection_pool (>= 2.2.5, < 3)
      rack (~> 2.0)
      redis (>= 4.5.0, < 5)
    sprockets (4.2.0)
      concurrent-ruby (~> 1.0)
      rack (>= 2.2.4, < 4)
    sprockets-rails (3.4.2)
      actionpack (>= 5.2)
      activesupport (>= 5.2)
      sprockets (>= 3.0.0)
    sqlite3 (1.7.3)
      mini_portile2 (~> 2.8.0)
    standard (1.49.0)
      language_server-protocol (~> 3.17.0.2)
      lint_roller (~> 1.0)
      rubocop (~> 1.75.2)
      standard-custom (~> 1.0.0)
      standard-performance (~> 1.8)
    standard-custom (1.0.2)
      lint_roller (~> 1.0)
      rubocop (~> 1.50)
    standard-performance (1.8.0)
      lint_roller (~> 1.1)
      rubocop-performance (~> 1.25.0)
    stimulus-rails (1.2.1)
      railties (>= 6.0.0)
    thor (1.3.2)
    tilt (2.2.0)
    timeout (0.4.3)
    turbo-rails (1.4.0)
      actionpack (>= 6.0.0)
      activejob (>= 6.0.0)
      railties (>= 6.0.0)
    tzinfo (2.0.6)
      concurrent-ruby (~> 1.0)
    unicode-display_width (3.1.4)
      unicode-emoji (~> 4.0, >= 4.0.4)
    unicode-emoji (4.0.4)
    web-console (4.2.0)
      actionview (>= 6.0.0)
      activemodel (>= 6.0.0)
      bindex (>= 0.4.0)
      railties (>= 6.0.0)
    websocket-driver (0.7.7)
      base64
      websocket-extensions (>= 0.1.0)
    websocket-extensions (0.1.5)
    zeitwerk (2.7.2)

PLATFORMS
  ruby
  x86_64-linux-musl

DEPENDENCIES
  awesome_print
  bootsnap
  brakeman
  bundle-audit
  ddtrace (~> 1.4)
  debug
  dogstatsd-ruby (~> 5.3)
  dotenv-rails
  importmap-rails
  jbuilder
  lograge
  ougai (~> 1.7)
  puma (~> 5.0)
  rails (~> 7.0.6)
  rake
  redis-actionpack
  sassc-rails
  sidekiq (~> 6.5)
  sidekiq-pro!
  sprockets-rails
  sqlite3 (~> 1.4)
  standard
  stimulus-rails
  turbo-rails
  tzinfo-data
  web-console

CHECKSUMS
  actioncable (7.0.8.7) sha256=4034513841df2fd09dbbf38f37c1a00fc6c841122a8714e5d6916b8d6ce2f162
  actionmailbox (7.0.8.7) sha256=940eeaa3d8e85dcd9fc6069e39571e13c5a4bdb0db52c7ab96d14da81d6ac1c2
  actionmailer (7.0.8.7) sha256=8be8f9a2f8774af89822bc92e1ab6df10b3a2be59c75486a34e86a1f10d88d14
  actionpack (7.0.8.7) sha256=40e6b1d687904a4fd2285d1fa3aad3d9a9d9ba8fd8858dd0faa9f4673c3f5e2c
  actiontext (7.0.8.7) sha256=cb75d2db97d5b2c8caccdc0f643541df36c2c53f076a2d49b226f971d8d528a0
  actionview (7.0.8.7) sha256=be975bc9c61903fe5da80a97c345271159033bcbba63988c7f27b6b8b98f7fed
  activejob (7.0.8.7) sha256=eff4db3aeaee34863a47570089d11d5577ed0ea42b1475dc9be6a413be182a20
  activemodel (7.0.8.7) sha256=f13b04bb055c1e85b965ce40b0a2e671b8d97835083597bc7fbc04cde0f40a83
  activerecord (7.0.8.7) sha256=f94fc8510e58a18e462c5ee8862c9be75e2bfad0688e8d022b86a6e05df2a45a
  activestorage (7.0.8.7) sha256=ca411e73733a50983f44b0945bfd0612313beb3a8f914cd3a88e4fcd99399ef5
  activesupport (7.0.8.7) sha256=df4702375de924aae81709c831605317c5417f0bd9e502a0373ff84a067204ff
  ast (2.4.3) sha256=954615157c1d6a382bc27d690d973195e79db7f55e9765ac7c481c60bdb4d383
  awesome_print (1.9.2) sha256=e99b32b704acff16d768b3468680793ced40bfdc4537eb07e06a4be11133786e
  base64 (0.2.0) sha256=0f25e9b21a02a0cc0cea8ef92b2041035d39350946e8789c562b2d1a3da01507
  bigdecimal (3.1.7) sha256=e799b369a0005fc6d62eed7ef19139ac9bc319cc51470c637b9dcdf593600133
  bindex (0.8.1) sha256=7b1ecc9dc539ed8bccfc8cb4d2732046227b09d6f37582ff12e50a5047ceb17e
  bootsnap (1.13.0) sha256=c673282ec0f48506f093ca9acefe0f666d1ab9fda716e49fb95c9fe677653e78
  brakeman (7.0.2) sha256=b602d91bcec6c5ce4d4bc9e081e01f621c304b7a69f227d1e58784135f333786
  builder (3.3.0) sha256=497918d2f9dca528fdca4b88d84e4ef4387256d984b8154e9d5d3fe5a9c8835f
  bundle-audit (0.1.0) sha256=c8f085920cde681ba837be69c87b08598c1a7f46f70877f1b3a1711be91a7a43
  bundler-audit (0.9.2) sha256=73051daa09865c436450a35c4d87ceef15f3f9777f4aad4fd015cc6f1f2b1048
  concurrent-ruby (1.3.5) sha256=813b3e37aca6df2a21a3b9f1d497f8cbab24a2b94cab325bffe65ee0f6cbebc6
  connection_pool (2.4.1) sha256=0f40cf997091f1f04ff66da67eabd61a9fe0d4928b9a3645228532512fab62f4
  crass (1.0.6) sha256=dc516022a56e7b3b156099abc81b6d2b08ea1ed12676ac7a5657617f012bd45d
  datadog-ci (0.8.3) sha256=6e78c03aa2524476dc99b969a7c3154195d1d84a912a21707e7f5c17783e03f9
  date (3.4.1) sha256=bf268e14ef7158009bfeaec40b5fa3c7271906e88b196d958a89d4b408abe64f
  ddtrace (1.23.3) sha256=4bec8dcbd75ac4d3c524274d596daf1dac5b5bdd3d6f1187a5c1e2b1aab233e3
  debase-ruby_core_source (3.3.1) sha256=ed904cae290edf0cf274ad707f8981bf1cefad8081e78d4bb71be2a483bc2c08
  debug (1.8.0) sha256=502bd1ad41a9a4b51f557f181cd13650c746390a82b5d11a5d2c81600ca013da
  dogstatsd-ruby (5.6.6) sha256=7706ba4a34c6f541463730af280c3ac3d45f18774fcaf38a5b6e53f563f7f355
  dotenv (2.7.6) sha256=2451ed5e8e43776d7a787e51d6f8903b98e446146c7ad143d5678cc2c409d547
  dotenv-rails (2.7.6) sha256=0c1c357c11f76e22b1e4f7f982898e5e1dd83d4b6b3ad75d16c3ddfa6a93c2d7
  erubi (1.13.1) sha256=a082103b0885dbc5ecf1172fede897f9ebdb745a4b97a5e8dc63953db1ee4ad9
  ffi (1.17.1) sha256=26f6b0dbd1101e6ffc09d3ca640b2a21840cc52731ad8a7ded9fb89e5fb0fc39
  ffi (1.17.1-x86_64-linux-musl) sha256=3a343086820c96d6fbea4a5ef807fb69105b2b8174678f103b3db210c3f78401
  globalid (1.2.1) sha256=70bf76711871f843dbba72beb8613229a49429d1866828476f9c9d6ccc327ce9
  i18n (1.14.7) sha256=ceba573f8138ff2c0915427f1fc5bdf4aa3ab8ae88c8ce255eb3ecf0a11a5d0f
  importmap-rails (1.2.1) sha256=197251346584835422e48ba479aa02b47be955d9204548ac0d3b3531cd90b3ea
  io-console (0.6.0) sha256=ce9d9a3455be48c56cac65b8ef7ec59b07526343905f9fda138791005b563336
  irb (1.7.4) sha256=c80e2b259f8d2277adaae4bc9a0e6d0f5a9d9578c1a15728b6180f3941500c95
  jbuilder (2.10.0) sha256=0ee4647ee05af8677a28316cb05fa046084e7e5f15a04623c09676d5ddcdbf70
  json (2.10.2) sha256=34e0eada93022b2a0a3345bb0b5efddb6e9ff5be7c48e409cfb54ff8a36a8b06
  language_server-protocol (3.17.0.4) sha256=c484626478664fd13482d8180947c50a8590484b1258b99b7aedb3b69df89669
  libdatadog (7.0.0.1.0) sha256=b4321485dd0f664ad43540cacb5ace0fedba064ad978f97510172c1ad6940316
  libdatadog (7.0.0.1.0-x86_64-linux) sha256=b961f0a78efa7881bb472828b17a59f60cc1778dc878a440ecbf86488a8d782e
  libddwaf (1.14.0.0.0) sha256=b91ea9675f7d79d1cd10dd6513e3706760ac442cb8902164fbcef79b7082a8fd
  libddwaf (1.14.0.0.0-x86_64-linux) sha256=030640a4158ae05f9276cc1e09bfe9d19dda5af26703235cf17cf3752f1985b1
  lint_roller (1.1.0) sha256=2c0c845b632a7d172cb849cc90c1bce937a28c5c8ccccb50dfd46a485003cc87
  lograge (0.14.0) sha256=42371a75823775f166f727639f5ddce73dd149452a55fc94b90c303213dc9ae1
  loofah (2.24.0) sha256=61e6a710883abb8210887f3dc868cf3ed66594c509d9ff6987621efa6651ee1e
  mail (2.8.1) sha256=ec3b9fadcf2b3755c78785cb17bc9a0ca9ee9857108a64b6f5cfc9c0b5bfc9ad
  marcel (1.0.4) sha256=0d5649feb64b8f19f3d3468b96c680bae9746335d02194270287868a661516a4
  method_source (1.1.0) sha256=181301c9c45b731b4769bc81e8860e72f9161ad7d66dd99103c9ab84f560f5c5
  mini_mime (1.1.5) sha256=8681b7e2e4215f2a159f9400b5816d85e9d8c6c6b491e96a12797e798f8bccef
  mini_portile2 (2.8.8) sha256=8e47136cdac04ce81750bb6c09733b37895bf06962554e4b4056d78168d70a75
  minitest (5.25.5) sha256=391b6c6cb43a4802bfb7c93af1ebe2ac66a210293f4a3fb7db36f2fc7dc2c756
  msgpack (1.8.0) sha256=e64ce0212000d016809f5048b48eb3a65ffb169db22238fb4b72472fecb2d732
  net-imap (0.5.6) sha256=1ede8048ee688a14206060bf37a716d18cb6ea00855f6c9b15daee97ee51fbe5
  net-pop (0.1.2) sha256=848b4e982013c15b2f0382792268763b748cce91c9e91e36b0f27ed26420dff3
  net-protocol (0.2.2) sha256=aa73e0cba6a125369de9837b8d8ef82a61849360eba0521900e2c3713aa162a8
  net-smtp (0.5.1) sha256=ed96a0af63c524fceb4b29b0d352195c30d82dd916a42f03c62a3a70e5b70736
  nio4r (2.7.4) sha256=d95dee68e0bb251b8ff90ac3423a511e3b784124e5db7ff5f4813a220ae73ca9
  nokogiri (1.18.7) sha256=6b63ff5defe48f30d1d3b3122f65255ca91df2caf5378c6e0482ce73ff46fb31
  nokogiri (1.18.7-x86_64-linux-musl) sha256=9d83f8ec1fc37a305fa835d7ee61a4f37899e6ccc6dcb05be6645fa9797605af
  oj (3.16.3) sha256=d0088a0c78ae4aa0eeaeeb9c3a592571432ba39f9829e5ac37b3f24c53eab63c
  ougai (1.8.2) sha256=7deceb265bbb57d040a5fc4dcc718521280aab0107fb4698ee28826c6a85d520
  parallel (1.26.3) sha256=d86babb7a2b814be9f4b81587bf0b6ce2da7d45969fab24d8ae4bf2bb4d4c7ef
  parser (3.3.7.4) sha256=2b26282274280e13f891080dc4ef3f65ce658d62e13255b246b28ec6754e98ab
  prism (1.4.0) sha256=dc0e3e00e93160213dc2a65519d9002a4a1e7b962db57d444cf1a71565bb703e
  puma (5.6.9) sha256=20701b2451080ec8d6d78d2e4b5a2913e6d0b865a51d704a4d60db8fd39a4228
  racc (1.8.1) sha256=4a7f6929691dbec8b5209a0b373bc2614882b55fc5d2e447a21aaa691303d62f
  rack (2.2.13) sha256=ccee101719696a5da12ee9da6fb3b1d20cb329939e089e0e458be6e93667f0fb
  rack-test (2.2.0) sha256=005a36692c306ac0b4a9350355ee080fd09ddef1148a5f8b2ac636c720f5c463
  rails (7.0.8.7) sha256=5e67ed4dd915746349bfb8c7ae2f531d3a36eb68fbe2f60ede02a0500715cded
  rails-dom-testing (2.2.0) sha256=e515712e48df1f687a1d7c380fd7b07b8558faa26464474da64183a7426fa93b
  rails-html-sanitizer (1.6.2) sha256=35fce2ca8242da8775c83b6ba9c1bcaad6751d9eb73c1abaa8403475ab89a560
  railties (7.0.8.7) sha256=1ab985280b02bc4b176d36e1011148db600b763c646e3de88c02a665d864505f
  rainbow (3.1.1) sha256=039491aa3a89f42efa1d6dec2fc4e62ede96eb6acd95e52f1ad581182b79bc6a
  rake (13.2.1) sha256=46cb38dae65d7d74b6020a4ac9d48afed8eb8149c040eccf0523bec91907059d
  redis (4.8.1) sha256=387ee086694fffc9632aaeb1efe4a7b1627ca783bf373320346a8a20cd93333a
  redis-actionpack (5.3.0) sha256=3fb1ad0a8fd9d26a289c9399bb609dcaef38bf37711e6f677a53ca728fc19140
  redis-rack (2.1.4) sha256=0872eecb303e483c3863d6bd0d47323d230640d41c1a4ac4a2c7596ec0b1774c
  redis-store (1.9.1) sha256=7b4c7438d46f7b7ce8f67fc0eda3a04fc67d32d28cf606cc98a5df4d2b77071d
  regexp_parser (2.10.0) sha256=cb6f0ddde88772cd64bff1dbbf68df66d376043fe2e66a9ef77fcb1b0c548c61
  reline (0.3.6) sha256=b0914e86d6e0c0587f341e0c39060f6469e239207abea3ba7e352d3d6a77fae5
  request_store (1.7.0) sha256=e1b75d5346a315f452242a68c937ef8e48b215b9453a77a6c0acdca2934c88cb
  rubocop (1.75.2) sha256=8efde647e278417e8074421b007e0d7d7c591482ef99d980528b18fea015a7c8
  rubocop-ast (1.44.0) sha256=77fdaf4aacf0c7d1ef887b075686124fb4ae5743d42ff7e73bb1c0d6b61b5d0a
  rubocop-performance (1.25.0) sha256=6f7d03568a770054117a78d0a8e191cefeffb703b382871ca7743831b1a52ec1
  ruby-progressbar (1.13.0) sha256=80fc9c47a9b640d6834e0dc7b3c94c9df37f08cb072b7761e4a71e22cff29b33
  sassc (2.4.0) sha256=4c60a2b0a3b36685c83b80d5789401c2f678c1652e3288315a1551d811d9f83e
  sassc-rails (2.1.2) sha256=5f4fdf3881fc9bdc8e856ffbd9850d70a2878866feae8114aa45996179952db5
  sidekiq (6.5.12) sha256=b4f93b2204c42220d0b526a7b8e0c49b5f9da82c1ce1a05d2baf1e8f744c197f
  sidekiq-pro (5.5.5) sha256=0487a102ff1ddfe49ac13c0ce92b0d2734e9ee881ecb4667448f919b87ab24f6
  sprockets (4.2.0) sha256=5c273487255c47523f30c0b673310fce70a09ca060a6bbcd3e5d0d489e19024c
  sprockets-rails (3.4.2) sha256=36d6327757ccf7460a00d1d52b2d5ef0019a4670503046a129fa1fb1300931ad
  sqlite3 (1.7.3) sha256=fa77f63c709548f46d4e9b6bb45cda52aa3881aa12cc85991132758e8968701c
  standard (1.49.0) sha256=590cd11a2021350812483cb53fc185bd8a92ca215839145d71fdd693750bb470
  standard-custom (1.0.2) sha256=424adc84179a074f1a2a309bb9cf7cd6bfdb2b6541f20c6bf9436c0ba22a652b
  standard-performance (1.8.0) sha256=ed17b7d0e061b2a19a91dd434bef629439e2f32310f22f26acb451addc92b788
  stimulus-rails (1.2.1) sha256=831bbcc0c12ea9c751e0a96b85d9908a0e4b42031964724d5b507166e06f0e8a
  thor (1.3.2) sha256=eef0293b9e24158ccad7ab383ae83534b7ad4ed99c09f96f1a6b036550abbeda
  tilt (2.2.0) sha256=e76f850e611128a87992bb13ba74807624a9b8ec748e2c2ea7139580f67ab22e
  timeout (0.4.3) sha256=9509f079b2b55fe4236d79633bd75e34c1c1e7e3fb4b56cb5fda61f80a0fe30e
  turbo-rails (1.4.0) sha256=108f2bf0245babfac286301759f80bfc92fbb5db902610cbf7becf911f8ea36e
  tzinfo (2.0.6) sha256=8daf828cc77bcf7d63b0e3bdb6caa47e2272dcfaf4fbfe46f8c3a9df087a829b
  unicode-display_width (3.1.4) sha256=8caf2af1c0f2f07ec89ef9e18c7d88c2790e217c482bfc78aaa65eadd5415ac1
  unicode-emoji (4.0.4) sha256=2c2c4ef7f353e5809497126285a50b23056cc6e61b64433764a35eff6c36532a
  web-console (4.2.0) sha256=e8f05057a83d6d305d5941fb828d13a25e9aa9b0f3a550f01c308711885433c3
  websocket-driver (0.7.7) sha256=056d99f2cd545712cfb1291650fde7478e4f2661dc1db6a0fa3b966231a146b4
  websocket-extensions (0.1.5) sha256=1c6ba63092cda343eb53fc657110c71c754c56484aad42578495227d717a8241
  zeitwerk (2.7.2) sha256=842e067cb11eb923d747249badfb5fcdc9652d6f20a1f06453317920fdcd4673

RUBY VERSION
   ruby 3.2.8p263

BUNDLED WITH
   2.6.7
