GEM
  remote: https://gems.contribsys.com/
  specs:
    sidekiq-pro (7.3.6)
      sidekiq (>= 7.3.7, < 8)

GEM
  remote: https://rubygems.org/
  specs:
    actioncable (7.1.5.2)
      actionpack (= 7.1.5.2)
      activesupport (= 7.1.5.2)
      nio4r (~> 2.0)
      websocket-driver (>= 0.6.1)
      zeitwerk (~> 2.6)
    actionmailbox (7.1.5.2)
      actionpack (= 7.1.5.2)
      activejob (= 7.1.5.2)
      activerecord (= 7.1.5.2)
      activestorage (= 7.1.5.2)
      activesupport (= 7.1.5.2)
      mail (>= 2.7.1)
      net-imap
      net-pop
      net-smtp
    actionmailer (7.1.5.2)
      actionpack (= 7.1.5.2)
      actionview (= 7.1.5.2)
      activejob (= 7.1.5.2)
      activesupport (= 7.1.5.2)
      mail (~> 2.5, >= 2.5.4)
      net-imap
      net-pop
      net-smtp
      rails-dom-testing (~> 2.2)
    actionpack (7.1.5.2)
      actionview (= 7.1.5.2)
      activesupport (= 7.1.5.2)
      nokogiri (>= 1.8.5)
      racc
      rack (>= 2.2.4)
      rack-session (>= 1.0.1)
      rack-test (>= 0.6.3)
      rails-dom-testing (~> 2.2)
      rails-html-sanitizer (~> 1.6)
    actiontext (7.1.5.2)
      actionpack (= 7.1.5.2)
      activerecord (= 7.1.5.2)
      activestorage (= 7.1.5.2)
      activesupport (= 7.1.5.2)
      globalid (>= 0.6.0)
      nokogiri (>= 1.8.5)
    actionview (7.1.5.2)
      activesupport (= 7.1.5.2)
      builder (~> 3.1)
      erubi (~> 1.11)
      rails-dom-testing (~> 2.2)
      rails-html-sanitizer (~> 1.6)
    activejob (7.1.5.2)
      activesupport (= 7.1.5.2)
      globalid (>= 0.3.6)
    activemodel (7.1.5.2)
      activesupport (= 7.1.5.2)
    activerecord (7.1.5.2)
      activemodel (= 7.1.5.2)
      activesupport (= 7.1.5.2)
      timeout (>= 0.4.0)
    activestorage (7.1.5.2)
      actionpack (= 7.1.5.2)
      activejob (= 7.1.5.2)
      activerecord (= 7.1.5.2)
      activesupport (= 7.1.5.2)
      marcel (~> 1.0)
    activesupport (7.1.5.2)
      base64
      benchmark (>= 0.3)
      bigdecimal
      concurrent-ruby (~> 1.0, >= 1.0.2)
      connection_pool (>= 2.2.5)
      drb
      i18n (>= 1.6, < 2)
      logger (>= 1.4.2)
      minitest (>= 5.1)
      mutex_m
      securerandom (>= 0.3)
      tzinfo (~> 2.0)
    ast (2.4.3)
    awesome_print (1.9.2)
    base64 (0.3.0)
    benchmark (0.4.1)
    bigdecimal (3.2.3)
    bindex (0.8.1)
    bootsnap (1.13.0)
      msgpack (~> 1.2)
    brakeman (7.0.2)
      racc
    builder (3.3.0)
    bundle-audit (0.1.0)
      bundler-audit
    bundler-audit (0.9.2)
      bundler (>= 1.2.0, < 3)
      thor (~> 1.0)
    concurrent-ruby (1.3.5)
    connection_pool (2.5.4)
    crass (1.0.6)
    datadog (2.17.0)
      datadog-ruby_core_source (~> 3.4, >= 3.4.1)
      libdatadog (~> 18.1.0.1.0)
      libddwaf (~> 1.22.0.0.2)
      logger
      msgpack
    datadog-ruby_core_source (3.4.1)
    date (3.4.1)
    debug (1.8.0)
      irb (>= 1.5.0)
      reline (>= 0.3.1)
    dogstatsd-ruby (5.6.6)
    dotenv (3.1.8)
    dotenv-rails (3.1.8)
      dotenv (= 3.1.8)
      railties (>= 6.1)
    drb (2.2.3)
    erb (5.0.2)
    erubi (1.13.1)
    ffi (1.17.2)
    ffi (1.17.2-x86_64-linux-musl)
    globalid (1.3.0)
      activesupport (>= 6.1)
    google-protobuf (4.32.1)
      bigdecimal
      rake (>= 13)
    google-protobuf (4.32.1-x86_64-linux-musl)
      bigdecimal
      rake (>= 13)
    i18n (1.14.7)
      concurrent-ruby (~> 1.0)
    importmap-rails (1.2.1)
      actionpack (>= 6.0.0)
      railties (>= 6.0.0)
    io-console (0.8.1)
    irb (1.15.2)
      pp (>= 0.6.0)
      rdoc (>= 4.0.0)
      reline (>= 0.4.2)
    jbuilder (2.10.0)
      activesupport (>= 5.0.0)
    json (2.12.2)
    language_server-protocol (3.17.0.5)
    libdatadog (18.1.0.1.0)
    libdatadog (18.1.0.1.0-x86_64-linux)
    libddwaf (1.22.0.0.2)
      ffi (~> 1.0)
    libddwaf (1.22.0.0.2-x86_64-linux)
      ffi (~> 1.0)
    lint_roller (1.1.0)
    logger (1.7.0)
    lograge (0.14.0)
      actionpack (>= 4)
      activesupport (>= 4)
      railties (>= 4)
      request_store (~> 1.0)
    loofah (2.24.1)
      crass (~> 1.0.2)
      nokogiri (>= 1.12.0)
    mail (2.8.1)
      mini_mime (>= 0.1.1)
      net-imap
      net-pop
      net-smtp
    marcel (1.1.0)
    mini_mime (1.1.5)
    mini_portile2 (2.8.9)
    minitest (5.25.5)
    msgpack (1.8.0)
    mutex_m (0.3.0)
    net-imap (0.5.10)
      date
      net-protocol
    net-pop (0.1.2)
      net-protocol
    net-protocol (0.2.2)
      timeout
    net-smtp (0.5.1)
      net-protocol
    nio4r (2.7.4)
    nokogiri (1.18.10)
      mini_portile2 (~> 2.8.2)
      racc (~> 1.4)
    nokogiri (1.18.10-x86_64-linux-musl)
      racc (~> 1.4)
    oj (3.16.3)
      bigdecimal (>= 3.0)
    ougai (1.8.2)
      oj (~> 3.4)
    parallel (1.27.0)
    parser (3.3.8.0)
      ast (~> 2.4.1)
      racc
    pp (0.6.2)
      prettyprint
    prettyprint (0.2.0)
    prism (1.4.0)
    psych (5.2.6)
      date
      stringio
    puma (5.6.9)
      nio4r (~> 2.0)
    racc (1.8.1)
    rack (2.2.18)
    rack-session (1.0.2)
      rack (< 3)
    rack-test (2.2.0)
      rack (>= 1.3)
    rackup (1.0.1)
      rack (< 3)
      webrick
    rails (7.1.5.2)
      actioncable (= 7.1.5.2)
      actionmailbox (= 7.1.5.2)
      actionmailer (= 7.1.5.2)
      actionpack (= 7.1.5.2)
      actiontext (= 7.1.5.2)
      actionview (= 7.1.5.2)
      activejob (= 7.1.5.2)
      activemodel (= 7.1.5.2)
      activerecord (= 7.1.5.2)
      activestorage (= 7.1.5.2)
      activesupport (= 7.1.5.2)
      bundler (>= 1.15.0)
      railties (= 7.1.5.2)
    rails-dom-testing (2.3.0)
      activesupport (>= 5.0.0)
      minitest
      nokogiri (>= 1.6)
    rails-html-sanitizer (1.6.2)
      loofah (~> 2.21)
      nokogiri (>= 1.15.7, != 1.16.7, != 1.16.6, != 1.16.5, != 1.16.4, != 1.16.3, != 1.16.2, != 1.16.1, != 1.16.0.rc1, != 1.16.0)
    railties (7.1.5.2)
      actionpack (= 7.1.5.2)
      activesupport (= 7.1.5.2)
      irb
      rackup (>= 1.0.0)
      rake (>= 12.2)
      thor (~> 1.0, >= 1.2.2)
      zeitwerk (~> 2.6)
    rainbow (3.1.1)
    rake (13.3.0)
    rdoc (6.14.2)
      erb
      psych (>= 4.0.0)
    redis (4.8.1)
    redis-actionpack (5.3.0)
      actionpack (>= 5, < 8)
      redis-rack (>= 2.1.0, < 3)
      redis-store (>= 1.1.0, < 2)
    redis-client (0.26.0)
      connection_pool
    redis-rack (2.1.4)
      rack (>= 2.0.8, < 3)
      redis-store (>= 1.2, < 2)
    redis-store (1.9.1)
      redis (>= 4, < 5)
    regexp_parser (2.10.0)
    reline (0.6.2)
      io-console (~> 0.5)
    request_store (1.7.0)
      rack (>= 1.4)
    rubocop (1.75.8)
      json (~> 2.3)
      language_server-protocol (~> 3.17.0.2)
      lint_roller (~> 1.1.0)
      parallel (~> 1.10)
      parser (>= 3.3.0.2)
      rainbow (>= 2.2.2, < 4.0)
      regexp_parser (>= 2.9.3, < 3.0)
      rubocop-ast (>= 1.44.0, < 2.0)
      ruby-progressbar (~> 1.7)
      unicode-display_width (>= 2.4.0, < 4.0)
    rubocop-ast (1.45.1)
      parser (>= 3.3.7.2)
      prism (~> 1.4)
    rubocop-performance (1.25.0)
      lint_roller (~> 1.1)
      rubocop (>= 1.75.0, < 2.0)
      rubocop-ast (>= 1.38.0, < 2.0)
    ruby-progressbar (1.13.0)
    sass-embedded (1.93.2)
      google-protobuf (~> 4.31)
      rake (>= 13)
    sass-embedded (1.93.2-x86_64-linux-musl)
      google-protobuf (~> 4.31)
    sassc-embedded (1.80.5)
      sass-embedded (~> 1.80)
    securerandom (0.4.1)
    sidekiq (7.3.9)
      base64
      connection_pool (>= 2.3.0)
      logger
      rack (>= 2.2.4)
      redis-client (>= 0.22.2)
    sprockets (4.2.0)
      concurrent-ruby (~> 1.0)
      rack (>= 2.2.4, < 4)
    sprockets-rails (3.4.2)
      actionpack (>= 5.2)
      activesupport (>= 5.2)
      sprockets (>= 3.0.0)
    sqlite3 (1.7.3)
      mini_portile2 (~> 2.8.0)
    standard (1.50.0)
      language_server-protocol (~> 3.17.0.2)
      lint_roller (~> 1.0)
      rubocop (~> 1.75.5)
      standard-custom (~> 1.0.0)
      standard-performance (~> 1.8)
    standard-custom (1.0.2)
      lint_roller (~> 1.0)
      rubocop (~> 1.50)
    standard-performance (1.8.0)
      lint_roller (~> 1.1)
      rubocop-performance (~> 1.25.0)
    stimulus-rails (1.2.1)
      railties (>= 6.0.0)
    stringio (3.1.7)
    thor (1.4.0)
    timeout (0.4.3)
    turbo-rails (1.4.0)
      actionpack (>= 6.0.0)
      activejob (>= 6.0.0)
      railties (>= 6.0.0)
    tzinfo (2.0.6)
      concurrent-ruby (~> 1.0)
    unicode-display_width (3.1.4)
      unicode-emoji (~> 4.0, >= 4.0.4)
    unicode-emoji (4.0.4)
    web-console (4.2.0)
      actionview (>= 6.0.0)
      activemodel (>= 6.0.0)
      bindex (>= 0.4.0)
      railties (>= 6.0.0)
    webrick (1.9.1)
    websocket-driver (0.8.0)
      base64
      websocket-extensions (>= 0.1.0)
    websocket-extensions (0.1.5)
    zeitwerk (2.7.3)

PLATFORMS
  ruby
  x86_64-linux-musl

DEPENDENCIES
  awesome_print
  bootsnap
  brakeman
  bundle-audit
  datadog
  debug
  dogstatsd-ruby (~> 5.3)
  dotenv-rails
  importmap-rails
  jbuilder
  lograge
  ougai (~> 1.7)
  puma (>= 5.0)
  rails (~> 7.1.5)
  rake
  redis-actionpack
  sassc-embedded
  sidekiq (~> 7.3)
  sidekiq-pro!
  sprockets-rails
  sqlite3 (>= 1.4)
  standard
  stimulus-rails
  turbo-rails
  tzinfo-data
  web-console

CHECKSUMS
  actioncable (7.1.5.2) sha256=79dd467dab2351110fe1fc69e25cee0110bf11f0b9f30165b945b574eebd5e37
  actionmailbox (7.1.5.2) sha256=192b1dc102fe2b917cfc829a9944f6b08fd3237d10cf166498f7927857dcac4e
  actionmailer (7.1.5.2) sha256=7a5c5fec1eb1bc64e97dcb73d38f17f27df30d5118f7eeb60e575ec10a9e860b
  actionpack (7.1.5.2) sha256=a7bfedc8aaeb260778a358870120321a3146954497be465d534722c8c0d644fd
  actiontext (7.1.5.2) sha256=505678e4611762cb68e9c05bc5776ce5977415beed2fbabdd0ed110c63390207
  actionview (7.1.5.2) sha256=4fc916ac7eac631e228955207b1730935a7944a4d87d45a32cc40e977d5ca1c9
  activejob (7.1.5.2) sha256=afb662a5c5cda81e34fe6b09089cdf4084aabc27c6aedbd58ba4c1bef7bd804e
  activemodel (7.1.5.2) sha256=4fb6a56a8614ee820c218563fcdebcf0d7b16ab153b81ecd2ed91877cf4ac8b5
  activerecord (7.1.5.2) sha256=923da72b2da727fd2868bfa2a536db6facf71d67064889a4fb16ff323da99d2a
  activestorage (7.1.5.2) sha256=ed9acb147cea135f9e00efd984a7b8ed670b15bc6e434956931b8deecec17c98
  activesupport (7.1.5.2) sha256=900031b9c8acbfea604977addcbfe990ba8f36e1059e9d448df520bbead36ed1
  ast (2.4.3) sha256=954615157c1d6a382bc27d690d973195e79db7f55e9765ac7c481c60bdb4d383
  awesome_print (1.9.2) sha256=e99b32b704acff16d768b3468680793ced40bfdc4537eb07e06a4be11133786e
  base64 (0.3.0) sha256=27337aeabad6ffae05c265c450490628ef3ebd4b67be58257393227588f5a97b
  benchmark (0.4.1) sha256=d4ef40037bba27f03b28013e219b950b82bace296549ec15a78016552f8d2cce
  bigdecimal (3.2.3) sha256=ffd11d1ac67a0d3b2f44aec0a6487210b3f813f363dd11f1fcccf5ba00da4e1b
  bindex (0.8.1) sha256=7b1ecc9dc539ed8bccfc8cb4d2732046227b09d6f37582ff12e50a5047ceb17e
  bootsnap (1.13.0) sha256=c673282ec0f48506f093ca9acefe0f666d1ab9fda716e49fb95c9fe677653e78
  brakeman (7.0.2) sha256=b602d91bcec6c5ce4d4bc9e081e01f621c304b7a69f227d1e58784135f333786
  builder (3.3.0) sha256=497918d2f9dca528fdca4b88d84e4ef4387256d984b8154e9d5d3fe5a9c8835f
  bundle-audit (0.1.0) sha256=c8f085920cde681ba837be69c87b08598c1a7f46f70877f1b3a1711be91a7a43
  bundler-audit (0.9.2) sha256=73051daa09865c436450a35c4d87ceef15f3f9777f4aad4fd015cc6f1f2b1048
  concurrent-ruby (1.3.5) sha256=813b3e37aca6df2a21a3b9f1d497f8cbab24a2b94cab325bffe65ee0f6cbebc6
  connection_pool (2.5.4) sha256=e9e1922327416091f3f6542f5f4446c2a20745276b9aa796dd0bb2fd0ea1e70a
  crass (1.0.6) sha256=dc516022a56e7b3b156099abc81b6d2b08ea1ed12676ac7a5657617f012bd45d
  datadog (2.17.0) sha256=871959b41cfa358ee461a0ce0b666e68ea21cde499d829126f5cff5ae04f927e
  datadog-ruby_core_source (3.4.1) sha256=fa40f1c3c8f764b6651a6443382b57d39aeb3c9f94b5af98f499bcfc678a2fb9
  date (3.4.1) sha256=bf268e14ef7158009bfeaec40b5fa3c7271906e88b196d958a89d4b408abe64f
  debug (1.8.0) sha256=502bd1ad41a9a4b51f557f181cd13650c746390a82b5d11a5d2c81600ca013da
  dogstatsd-ruby (5.6.6) sha256=7706ba4a34c6f541463730af280c3ac3d45f18774fcaf38a5b6e53f563f7f355
  dotenv (3.1.8) sha256=9e1176060ced581f8e6ce4384e91361817763a76e3c625c8bddc18b35bd392c3
  dotenv-rails (3.1.8) sha256=46c9d1226a8b58a83b5f61325aa8cffd25cea1c0fafdfbbbee1e5dfea77980c4
  drb (2.2.3) sha256=0b00d6fdb50995fe4a45dea13663493c841112e4068656854646f418fda13373
  erb (5.0.2) sha256=d30f258143d4300fb4ecf430042ac12970c9bb4b33c974a545b8f58c1ec26c0f
  erubi (1.13.1) sha256=a082103b0885dbc5ecf1172fede897f9ebdb745a4b97a5e8dc63953db1ee4ad9
  ffi (1.17.2) sha256=297235842e5947cc3036ebe64077584bff583cd7a4e94e9a02fdec399ef46da6
  ffi (1.17.2-x86_64-linux-musl) sha256=97c0eb3981414309285a64dc4d466bd149e981c279a56371ef811395d68cb95c
  globalid (1.3.0) sha256=05c639ad6eb4594522a0b07983022f04aa7254626ab69445a0e493aa3786ff11
  google-protobuf (4.32.1) sha256=d9ec3f52a283802055647af5d824dcdfe0a791c6ecbad6a514442f40759015e7
  google-protobuf (4.32.1-x86_64-linux-musl) sha256=d5314aea8817bd372177205667b4f4442a5884212bcaccb1ba569ec8a1a06ec4
  i18n (1.14.7) sha256=ceba573f8138ff2c0915427f1fc5bdf4aa3ab8ae88c8ce255eb3ecf0a11a5d0f
  importmap-rails (1.2.1) sha256=197251346584835422e48ba479aa02b47be955d9204548ac0d3b3531cd90b3ea
  io-console (0.8.1) sha256=1e15440a6b2f67b6ea496df7c474ed62c860ad11237f29b3bd187f054b925fcb
  irb (1.15.2) sha256=222f32952e278da34b58ffe45e8634bf4afc2dc7aa9da23fed67e581aa50fdba
  jbuilder (2.10.0) sha256=0ee4647ee05af8677a28316cb05fa046084e7e5f15a04623c09676d5ddcdbf70
  json (2.12.2) sha256=ba94a48ad265605c8fa9a50a5892f3ba6a02661aa010f638211f3cb36f44abf4
  language_server-protocol (3.17.0.5) sha256=fd1e39a51a28bf3eec959379985a72e296e9f9acfce46f6a79d31ca8760803cc
  libdatadog (18.1.0.1.0) sha256=fbdd74d24c2474544418f183a31725c4ee4da85341c1310dcbe292c5ec151b09
  libdatadog (18.1.0.1.0-x86_64-linux) sha256=e5c2a5b0d15aa1edd426a62f687b0efbad6d63592a7022bcbecb735b91d7e048
  libddwaf (1.22.0.0.2) sha256=c4ccf484de31fb3433cccd24c5fde6050bb15482fc5a83b2554c685737fd9cbf
  libddwaf (1.22.0.0.2-x86_64-linux) sha256=6b6d55f67a287ff80fe306d625f393e37246d2022689d879f65dbab3a5b5287c
  lint_roller (1.1.0) sha256=2c0c845b632a7d172cb849cc90c1bce937a28c5c8ccccb50dfd46a485003cc87
  logger (1.7.0) sha256=196edec7cc44b66cfb40f9755ce11b392f21f7967696af15d274dde7edff0203
  lograge (0.14.0) sha256=42371a75823775f166f727639f5ddce73dd149452a55fc94b90c303213dc9ae1
  loofah (2.24.1) sha256=655a30842b70ec476410b347ab1cd2a5b92da46a19044357bbd9f401b009a337
  mail (2.8.1) sha256=ec3b9fadcf2b3755c78785cb17bc9a0ca9ee9857108a64b6f5cfc9c0b5bfc9ad
  marcel (1.1.0) sha256=fdcfcfa33cc52e93c4308d40e4090a5d4ea279e160a7f6af988260fa970e0bee
  mini_mime (1.1.5) sha256=8681b7e2e4215f2a159f9400b5816d85e9d8c6c6b491e96a12797e798f8bccef
  mini_portile2 (2.8.9) sha256=0cd7c7f824e010c072e33f68bc02d85a00aeb6fce05bb4819c03dfd3c140c289
  minitest (5.25.5) sha256=391b6c6cb43a4802bfb7c93af1ebe2ac66a210293f4a3fb7db36f2fc7dc2c756
  msgpack (1.8.0) sha256=e64ce0212000d016809f5048b48eb3a65ffb169db22238fb4b72472fecb2d732
  mutex_m (0.3.0) sha256=cfcb04ac16b69c4813777022fdceda24e9f798e48092a2b817eb4c0a782b0751
  net-imap (0.5.10) sha256=f84d206a296bff48a3a10507567fc38b050d2a40c92ea0d448164f64e60d6205
  net-pop (0.1.2) sha256=848b4e982013c15b2f0382792268763b748cce91c9e91e36b0f27ed26420dff3
  net-protocol (0.2.2) sha256=aa73e0cba6a125369de9837b8d8ef82a61849360eba0521900e2c3713aa162a8
  net-smtp (0.5.1) sha256=ed96a0af63c524fceb4b29b0d352195c30d82dd916a42f03c62a3a70e5b70736
  nio4r (2.7.4) sha256=d95dee68e0bb251b8ff90ac3423a511e3b784124e5db7ff5f4813a220ae73ca9
  nokogiri (1.18.10) sha256=d5cc0731008aa3b3a87b361203ea3d19b2069628cb55e46ac7d84a0445e69cc1
  nokogiri (1.18.10-x86_64-linux-musl) sha256=0651fccf8c2ebbc2475c8b1dfd7ccac3a0a6d09f8a41b72db8c21808cb483385
  oj (3.16.3) sha256=d0088a0c78ae4aa0eeaeeb9c3a592571432ba39f9829e5ac37b3f24c53eab63c
  ougai (1.8.2) sha256=7deceb265bbb57d040a5fc4dcc718521280aab0107fb4698ee28826c6a85d520
  parallel (1.27.0) sha256=4ac151e1806b755fb4e2dc2332cbf0e54f2e24ba821ff2d3dcf86bf6dc4ae130
  parser (3.3.8.0) sha256=2476364142b307fa5a1b1ece44f260728be23858a9c71078e956131a75453c45
  pp (0.6.2) sha256=947ec3120c6f92195f8ee8aa25a7b2c5297bb106d83b41baa02983686577b6ff
  prettyprint (0.2.0) sha256=2bc9e15581a94742064a3cc8b0fb9d45aae3d03a1baa6ef80922627a0766f193
  prism (1.4.0) sha256=dc0e3e00e93160213dc2a65519d9002a4a1e7b962db57d444cf1a71565bb703e
  psych (5.2.6) sha256=814328aa5dcb6d604d32126a20bc1cbcf05521a5b49dbb1a8b30a07e580f316e
  puma (5.6.9) sha256=20701b2451080ec8d6d78d2e4b5a2913e6d0b865a51d704a4d60db8fd39a4228
  racc (1.8.1) sha256=4a7f6929691dbec8b5209a0b373bc2614882b55fc5d2e447a21aaa691303d62f
  rack (2.2.18) sha256=ca4feea715d3576a7d613412ce409d04ceac1133ab109fcd490ec1d835107f4f
  rack-session (1.0.2) sha256=a02115e5420b4de036839b9811e3f7967d73446a554b42aa45106af335851d76
  rack-test (2.2.0) sha256=005a36692c306ac0b4a9350355ee080fd09ddef1148a5f8b2ac636c720f5c463
  rackup (1.0.1) sha256=ba86604a28989fe1043bff20d819b360944ca08156406812dca6742b24b3c249
  rails (7.1.5.2) sha256=a292087202c5babf4f4c39a8c37afda732117c481c619986ae1559446e927546
  rails-dom-testing (2.3.0) sha256=8acc7953a7b911ca44588bf08737bc16719f431a1cc3091a292bca7317925c1d
  rails-html-sanitizer (1.6.2) sha256=35fce2ca8242da8775c83b6ba9c1bcaad6751d9eb73c1abaa8403475ab89a560
  railties (7.1.5.2) sha256=af0ac89f0bfbb957c9fd12cc5a5561248b95b8df938758bfb553d6e916a9d621
  rainbow (3.1.1) sha256=039491aa3a89f42efa1d6dec2fc4e62ede96eb6acd95e52f1ad581182b79bc6a
  rake (13.3.0) sha256=96f5092d786ff412c62fde76f793cc0541bd84d2eb579caa529aa8a059934493
  rdoc (6.14.2) sha256=9fdd44df130f856ae70cc9a264dfd659b9b40de369b16581f4ab746e42439226
  redis (4.8.1) sha256=387ee086694fffc9632aaeb1efe4a7b1627ca783bf373320346a8a20cd93333a
  redis-actionpack (5.3.0) sha256=3fb1ad0a8fd9d26a289c9399bb609dcaef38bf37711e6f677a53ca728fc19140
  redis-client (0.26.0) sha256=71e048d75650eb23b8387c71c620a49edb6d2ffc48a565734aa81efca34e90ae
  redis-rack (2.1.4) sha256=0872eecb303e483c3863d6bd0d47323d230640d41c1a4ac4a2c7596ec0b1774c
  redis-store (1.9.1) sha256=7b4c7438d46f7b7ce8f67fc0eda3a04fc67d32d28cf606cc98a5df4d2b77071d
  regexp_parser (2.10.0) sha256=cb6f0ddde88772cd64bff1dbbf68df66d376043fe2e66a9ef77fcb1b0c548c61
  reline (0.6.2) sha256=1dad26a6008872d59c8e05244b119347c9f2ddaf4a53dce97856cd5f30a02846
  request_store (1.7.0) sha256=e1b75d5346a315f452242a68c937ef8e48b215b9453a77a6c0acdca2934c88cb
  rubocop (1.75.8) sha256=c80ab4286c5dcfc49d7ad1787cdba5569b63b58c96ee7afde4ec47a9c8a85be9
  rubocop-ast (1.45.1) sha256=94042e49adc17f187ba037b33f941ba7398fede77cdf4bffafba95190a473a3e
  rubocop-performance (1.25.0) sha256=6f7d03568a770054117a78d0a8e191cefeffb703b382871ca7743831b1a52ec1
  ruby-progressbar (1.13.0) sha256=80fc9c47a9b640d6834e0dc7b3c94c9df37f08cb072b7761e4a71e22cff29b33
  sass-embedded (1.93.2) sha256=b45c7d6eb07f7a92bb921106711efb4f51e74208913db9ed37770ae9887d21be
  sass-embedded (1.93.2-x86_64-linux-musl) sha256=c3c43c65566c9b33f6bdee1167999487a61e9e215a40943856256826e4c17a87
  sassc-embedded (1.80.5) sha256=b2720c938de54e9798bea17bc044ea0df05f552acec30b8e9a79060cceb9cb3e
  securerandom (0.4.1) sha256=cc5193d414a4341b6e225f0cb4446aceca8e50d5e1888743fac16987638ea0b1
  sidekiq (7.3.9) sha256=1108712e1def89002b28e3545d5ae15d4a57ffd4d2c25d97bb1360988826b5a7
  sidekiq-pro (7.3.6) sha256=502aae85b41a7dd3de973b7a05a560437628b70aeb59784370cd65a761945cfa
  sprockets (4.2.0) sha256=5c273487255c47523f30c0b673310fce70a09ca060a6bbcd3e5d0d489e19024c
  sprockets-rails (3.4.2) sha256=36d6327757ccf7460a00d1d52b2d5ef0019a4670503046a129fa1fb1300931ad
  sqlite3 (1.7.3) sha256=fa77f63c709548f46d4e9b6bb45cda52aa3881aa12cc85991132758e8968701c
  standard (1.50.0) sha256=b6c67f61fd6cedeec90ee338c6e913d9ccc4c467660ad1575da8aa6ba10f4aec
  standard-custom (1.0.2) sha256=424adc84179a074f1a2a309bb9cf7cd6bfdb2b6541f20c6bf9436c0ba22a652b
  standard-performance (1.8.0) sha256=ed17b7d0e061b2a19a91dd434bef629439e2f32310f22f26acb451addc92b788
  stimulus-rails (1.2.1) sha256=831bbcc0c12ea9c751e0a96b85d9908a0e4b42031964724d5b507166e06f0e8a
  stringio (3.1.7) sha256=5b78b7cb242a315fb4fca61a8255d62ec438f58da2b90be66048546ade4507fa
  thor (1.4.0) sha256=8763e822ccb0f1d7bee88cde131b19a65606657b847cc7b7b4b82e772bcd8a3d
  timeout (0.4.3) sha256=9509f079b2b55fe4236d79633bd75e34c1c1e7e3fb4b56cb5fda61f80a0fe30e
  turbo-rails (1.4.0) sha256=108f2bf0245babfac286301759f80bfc92fbb5db902610cbf7becf911f8ea36e
  tzinfo (2.0.6) sha256=8daf828cc77bcf7d63b0e3bdb6caa47e2272dcfaf4fbfe46f8c3a9df087a829b
  unicode-display_width (3.1.4) sha256=8caf2af1c0f2f07ec89ef9e18c7d88c2790e217c482bfc78aaa65eadd5415ac1
  unicode-emoji (4.0.4) sha256=2c2c4ef7f353e5809497126285a50b23056cc6e61b64433764a35eff6c36532a
  web-console (4.2.0) sha256=e8f05057a83d6d305d5941fb828d13a25e9aa9b0f3a550f01c308711885433c3
  webrick (1.9.1) sha256=b42d3c94f166f3fb73d87e9b359def9b5836c426fc8beacf38f2184a21b2a989
  websocket-driver (0.8.0) sha256=ed0dba4b943c22f17f9a734817e808bc84cdce6a7e22045f5315aa57676d4962
  websocket-extensions (0.1.5) sha256=1c6ba63092cda343eb53fc657110c71c754c56484aad42578495227d717a8241
  zeitwerk (2.7.3) sha256=b2e86b4a9b57d26ba68a15230dcc7fe6f040f06831ce64417b0621ad96ba3e85

RUBY VERSION
   ruby 3.2.8p263

BUNDLED WITH
   2.7.2
